GEM
  remote: http://rubygems.org/
  specs:
    git (1.2.5)
    jeweler (1.6.4)
      bundler (~> 1.0)
      git (>= 1.2.5)
      rake
    rake (0.9.2.2)
    rcov (0.9.11-java)
    shoulda (2.11.3)

PLATFORMS
  java

DEPENDENCIES
  bundler (~> 1.0.0)
  jeweler (~> 1.6.4)
  rcov
  shoulda
